GIT
  remote: https://github.com/middlicomp/aperitiiif-cli.git
  revision: c79eec4312104c861d7b292c4c3d806e467e2a19
  branch: feature/csv-download-gig
  specs:
    aperitiiif (0.1.2)
      colorize
      iiif-presentation
      liquid
      mimemagic
      parallel
      ruby-progressbar
      ruby-vips
      safe_yaml
      thor

GEM
  remote: https://rubygems.org/
  specs:
    activesupport (7.0.4.3)
      concurrent-ruby (~> 1.0, >= 1.0.2)
      i18n (>= 1.6, < 2)
      minitest (>= 5.1)
      tzinfo (~> 2.0)
    colorize (0.8.1)
    concurrent-ruby (1.2.2)
    faraday (2.7.4)
      faraday-net_http (>= 2.0, < 3.1)
      ruby2_keywords (>= 0.0.4)
    faraday-net_http (3.0.2)
    ffi (1.15.5)
    i18n (1.12.0)
      concurrent-ruby (~> 1.0)
    iiif-presentation (1.1.0)
      activesupport (>= 3.2.18)
      faraday (>= 0.9)
      json
    json (2.6.3)
    liquid (5.4.0)
    mimemagic (0.4.3)
      nokogiri (~> 1)
      rake
    minitest (5.18.0)
    nokogiri (1.14.2-arm64-darwin)
      racc (~> 1.4)
    nokogiri (1.14.2-x86_64-darwin)
      racc (~> 1.4)
    nokogiri (1.14.2-x86_64-linux)
      racc (~> 1.4)
    parallel (1.22.1)
    racc (1.6.2)
    rake (13.0.6)
    ruby-progressbar (1.13.0)
    ruby-vips (2.1.4)
      ffi (~> 1.12)
    ruby2_keywords (0.0.5)
    safe_yaml (1.0.5)
    thor (1.2.1)
    tzinfo (2.0.6)
      concurrent-ruby (~> 1.0)

PLATFORMS
  arm64-darwin-22
  x86_64-darwin-21
  x86_64-linux

DEPENDENCIES
  aperitiiif!

BUNDLED WITH
   2.3.12
